GIT
  remote: git@github.com:sep/mmonit-ruby.git
  revision: fbe4bf9e04b5445fb7e490ff9c6b2dd8da09215b
  specs:
    mmonit (0.0.4)

GEM
  remote: https://rubygems.org/
  specs:
    backports (3.6.8)
    byebug (9.0.6)
    dotenv (2.1.1)
    et-orbi (1.0.5)
      tzinfo
    httparty (0.14.0)
      multi_xml (>= 0.5.2)
    mini_portile2 (2.1.0)
    multi_json (1.12.1)
    multi_xml (0.6.0)
    nokogiri (1.6.8.1)
      mini_portile2 (~> 2.1.0)
    rack (1.6.5)
    rack-protection (1.5.3)
      rack
    rack-test (0.6.3)
      rack (>= 1.0)
    rufus-scheduler (3.4.2)
      et-orbi (~> 1.0)
    sinatra (1.4.7)
      rack (~> 1.5)
      rack-protection (~> 1.4)
      tilt (>= 1.3, < 3)
    sinatra-contrib (1.4.7)
      backports (>= 2.0)
      multi_json
      rack-protection
      rack-test
      sinatra (~> 1.4.0)
      tilt (>= 1.3, < 3)
    thread_safe (0.3.6)
    tilt (2.0.5)
    tzinfo (1.2.3)
      thread_safe (~> 0.1)

PLATFORMS
  ruby

DEPENDENCIES
  byebug
  dotenv
  httparty
  mmonit!
  nokogiri
  rufus-scheduler
  sinatra
  sinatra-contrib

BUNDLED WITH
   1.15.3
